REDIRECTS: FORCE
RESTRICTION: == net472
NUGET
  remote: https://api.nuget.org/v3/index.json
    AsyncIO (0.1.26)
    Chessie (0.6)
      FSharp.Core (>= 4.0.1.7-alpha)
      NETStandard.Library (>= 1.6)
    FAKE (5.8.4)
    Fody (3.3.5)
    FSharp.Compiler.Service (25.0.1)
      FSharp.Core (>= 4.1.18)
      System.Collections.Immutable (>= 1.5)
      System.Reflection.Metadata (>= 1.6)
      System.ValueTuple (>= 4.4)
    FSharp.Compiler.Tools (10.2.1)
    FSharp.Core (4.5.4)
    Microsoft.NETCore.Platforms (2.1)
    Mono.Cecil (0.10)
    NetMQ (4.0.0.1)
      AsyncIO (>= 0.1.26)
    NETStandard.Library (2.0.3)
      Microsoft.NETCore.Platforms (>= 1.1)
    Newtonsoft.Json (10.0.3)
    Paket.Core (5.194)
      Chessie (>= 0.6)
      FSharp.Compiler.Tools
      FSharp.Core (> 4.3)
      Mono.Cecil (>= 0.10.0-beta6)
      Newtonsoft.Json
    PropertyChanged.Fody (2.6)
      Fody (>= 3.3.2)
    System.Collections.Immutable (1.5)
    System.Reflection.Metadata (1.6)
      System.Collections.Immutable (>= 1.5)
    System.ValueTuple (4.5)
    Trinet.Core.IO.Ntfs (4.1.1)
    xunit (2.1)
      xunit.assert (2.1)
      xunit.core (2.1)
    xunit.abstractions (2.0)
    xunit.assert (2.1)
    xunit.core (2.1)
      xunit.extensibility.core (2.1)
      xunit.extensibility.execution (2.1)
    xunit.extensibility.core (2.1)
      xunit.abstractions (2.0)
    xunit.extensibility.execution (2.1)
      xunit.extensibility.core (2.1)
    xunit.runner.console (2.1)
    xunit.runner.visualstudio (2.4.1)
